GIT
  remote: https://github.com/adriantoman/PasswordManagerAPI.git
  revision: 275642a98e3288efb086d410ad96eac4eeae7d4a
  specs:
    passwordmanager (0.0.5)
      httparty

GIT
  remote: https://github.com/gphat/pagerduty-full.git
  revision: 1fdafec56382a070a77f83f90cc87409e2e5bde8
  specs:
    pagerduty-full (0.0.3)

GEM
  remote: https://rubygems.org/
  specs:
    activemodel (4.1.2)
      activesupport (= 4.1.2)
      builder (~> 3.1)
    activerecord (4.1.2)
      activemodel (= 4.1.2)
      activesupport (= 4.1.2)
      arel (~> 5.0.0)
    activerecord-import (0.5.0)
      activerecord (>= 3.0)
    activerecord-postgresql-adapter (0.0.1)
      pg
    activesupport (4.1.2)
      i18n (~> 0.6, >= 0.6.9)
      json (~> 1.7, >= 1.7.7)
      minitest (~> 5.1)
      thread_safe (~> 0.1)
      tzinfo (~> 1.1)
    arel (5.0.1.20140414130214)
    builder (3.2.2)
    choice (0.2.0)
    coderay (1.1.0)
    docile (1.1.5)
    erubis (2.7.0)
    faraday (0.8.9)
      multipart-post (~> 1.2.0)
    faraday_middleware (0.9.1)
      faraday (>= 0.7.4, < 0.10)
    gli (2.10.0)
    gooddata (0.6.3)
      activesupport (~> 4.1.0)
      bundler (>= 1.6.1)
      docile (~> 1.1.3)
      erubis (~> 2.7.0)
      gli (~> 2.10.0)
      highline (~> 1.6.21)
      i18n (~> 0.6.9)
      json_pure (~> 1.8.1)
      multi_json (~> 1.10.0)
      parseconfig (~> 1.0.4)
      pry (~> 0.9.12.6)
      rest-client (~> 1.6.7)
      restforce (~> 1.4.3)
      rubyzip (~> 1.1.0)
      salesforce_bulk (~> 1.0.3)
    google_drive (0.3.6)
      nokogiri (>= 1.4.4, != 1.5.2, != 1.5.1)
      oauth (>= 0.3.6)
      oauth2 (>= 0.5.0)
    hashie (2.0.5)
    highline (1.6.21)
    httparty (0.14.0)
      multi_xml (>= 0.5.2)
    i18n (0.6.9)
    json (1.8.1)
    json_pure (1.8.1)
    jwt (1.0.0)
    mail (2.6.1)
      mime-types (>= 1.16, < 3)
    method_source (0.8.2)
    mime-types (2.3)
    mini_portile (0.6.2)
    minitest (5.3.5)
    multi_json (1.10.1)
    multi_xml (0.5.5)
    multipart-post (1.2.0)
    nokogiri (1.6.6.2)
      mini_portile (~> 0.6.0)
    oauth (0.4.7)
    oauth2 (0.9.4)
      faraday (>= 0.8, < 0.10)
      jwt (~> 1.0)
      multi_json (~> 1.3)
      multi_xml (~> 0.5)
      rack (~> 1.2)
    parseconfig (1.0.4)
    pg (0.17.1)
    pony (1.9)
      mail (>= 2.0)
    pry (0.9.12.6)
      coderay (~> 1.0)
      method_source (~> 0.8)
      slop (~> 3.4)
    rack (1.5.2)
    rails-erd (1.4.4)
      activerecord (>= 3.2)
      activesupport (>= 3.2)
      choice (~> 0.2.0)
      ruby-graphviz (~> 1.2)
    rest-client (1.6.7)
      mime-types (>= 1.16)
    restforce (1.4.3)
      faraday (~> 0.8.4)
      faraday_middleware (>= 0.8.8)
      hashie (>= 1.2.0, < 2.1)
      json (>= 1.7.5, < 1.9.0)
    ruby-graphviz (1.2.2)
    rubyzip (1.1.4)
    salesforce_bulk (1.0.3)
      xml-simple
    slop (3.5.0)
    splunk-client (0.10.0)
      nokogiri
    thread_safe (0.3.4)
    tzinfo (1.2.1)
      thread_safe (~> 0.1)
    whedon (0.0.2)
      tzinfo
    xml-simple (1.1.3)

PLATFORMS
  ruby

DEPENDENCIES
  activerecord
  activerecord-import
  activerecord-postgresql-adapter
  gli
  gooddata
  google_drive (= 0.3.6)
  json
  nokogiri
  pagerduty-full!
  passwordmanager!
  pony
  pry
  rails-erd
  rest-client
  splunk-client
  tzinfo
  whedon

BUNDLED WITH
   1.10.5
